GEM
  remote: https://rubygems.org/
  specs:
    git (1.3.0)
    rake (12.3.1)

PLATFORMS
  ruby

DEPENDENCIES
  git
  rake

BUNDLED WITH
   1.16.2
